GEM
  remote: https://rubygems.org/
  specs:
    RedCloth (4.2.9)
    addressable (2.3.5)
    blankslate (2.1.2.4)
    breakpoint (2.0.7)
      compass (>= 0.12.1)
      sass (>= 3.2.0)
    chunky_png (1.3.0)
    classifier (1.3.4)
      fast-stemmer (>= 1.0.0)
    color-schemer (0.2.8)
      compass-blend-modes (~> 0.0.2)
    colorator (0.1)
    commander (4.1.6)
      highline (~> 1.6.11)
    compass (0.12.3)
      chunky_png (~> 1.2)
      fssm (>= 0.2.7)
      sass (= 3.2.14)
    compass-aurora (3.0.8)
      bundler (>= 1.3.5)
      compass (>= 0.12.2)
      compass-normalize (>= 1.4.3)
      css_parser (>= 1.3.4)
      sassy-buttons (>= 0.2.0)
      toolkit (>= 1.2.2)
    compass-blend-modes (0.0.2)
      compass
    compass-normalize (1.5)
      compass (>= 0.12.0)
    css_parser (1.3.5)
      addressable
    fast-stemmer (1.0.2)
    ffi (1.9.3)
    fssm (0.2.10)
    github-pages (15)
      RedCloth (= 4.2.9)
      jekyll (= 1.4.3)
      kramdown (= 1.3.1)
      liquid (= 2.5.5)
      maruku (= 0.7.0)
      rdiscount (= 2.1.7)
      redcarpet (= 2.3.0)
    highline (1.6.21)
    jekyll (1.4.3)
      classifier (~> 1.3)
      colorator (~> 0.1)
      commander (~> 4.1.3)
      liquid (~> 2.5.5)
      listen (~> 1.3)
      maruku (~> 0.7.0)
      pygments.rb (~> 0.5.0)
      redcarpet (~> 2.3.0)
      safe_yaml (~> 0.9.7)
      toml (~> 0.1.0)
    kramdown (1.3.1)
    liquid (2.5.5)
    listen (1.3.1)
      rb-fsevent (>= 0.9.3)
      rb-inotify (>= 0.9)
      rb-kqueue (>= 0.2)
    maruku (0.7.0)
    parslet (1.5.0)
      blankslate (~> 2.0)
    posix-spawn (0.3.8)
    pygments.rb (0.5.4)
      posix-spawn (~> 0.3.6)
      yajl-ruby (~> 1.1.0)
    rb-fsevent (0.9.4)
    rb-inotify (0.9.3)
      ffi (>= 0.5.0)
    rb-kqueue (0.2.2)
      ffi (>= 0.5.0)
    rdiscount (2.1.7)
    redcarpet (2.3.0)
    safe_yaml (0.9.7)
    sass (3.2.14)
    sassy-buttons (0.2.6)
      compass (>= 0.12.2)
    sassy-strings (1.0.0)
      compass (>= 0.12.2)
    singularitygs (1.1.2)
      breakpoint (>= 2.0.1)
      compass (>= 0.12.2)
      sass (>= 3.2.1)
    toml (0.1.1)
      parslet (~> 1.5.0)
    toolkit (1.3.8)
      breakpoint (>= 2.0.6)
      color-schemer (>= 0.2.7)
      compass (>= 0.12.2)
      sassy-strings (>= 1.0.0)
      singularitygs (>= 1.1.2)
    yajl-ruby (1.1.0)

PLATFORMS
  ruby

DEPENDENCIES
  RedCloth (= 4.2.9)
  breakpoint (< 3.0.0)
  compass-aurora (< 4.0.0)
  compass-normalize (< 2.0.0)
  css_parser (~> 1.3.4)
  github-pages (= 15)
  jekyll (= 1.4.3)
  kramdown (= 1.3.1)
  liquid (= 2.5.5)
  maruku (= 0.7.0)
  rdiscount (= 2.1.7)
  redcarpet (= 2.3.0)
  sassy-buttons (< 1.0.0)
  singularitygs (< 2.0.0)
  toolkit (< 2.0.0)
